GEM
  remote: https://rubygems.org/
  specs:
    sequel (4.35.0)
    table_print (1.5.6)

PLATFORMS
  ruby

DEPENDENCIES
  sequel
  table_print

BUNDLED WITH
   1.12.1
